GEM
  remote: https://rubygems.org/
  specs:
    mini_portile (0.6.0)
    nokogiri (1.6.2.1)
      mini_portile (= 0.6.0)
    plist (3.1.0)
    sqlite3 (1.3.9)
    thor (0.19.1)

PLATFORMS
  ruby

DEPENDENCIES
  nokogiri
  plist
  sqlite3
  thor
